GEM
  remote: https://rubygems.org/
  specs:
    backports (3.3.3)
    capybara (0.3.9)
      culerity (>= 0.2.4)
      mime-types (>= 1.16)
      nokogiri (>= 1.3.3)
      rack (>= 1.0.0)
      rack-test (>= 0.5.4)
      selenium-webdriver (>= 0.0.3)
    childprocess (0.3.9)
      ffi (~> 1.0, >= 1.0.11)
    culerity (0.2.15)
    diff-lcs (1.2.4)
    eventmachine (1.0.3)
    ffi (1.9.0)
    mime-types (1.23)
    mini_portile (0.5.1)
    multi_json (1.7.7)
    nokogiri (1.6.0)
      mini_portile (~> 0.5.0)
    rack (1.5.2)
    rack-protection (1.5.0)
      rack
    rack-test (0.6.2)
      rack (>= 1.0)
    rspec (2.14.1)
      rspec-core (~> 2.14.0)
      rspec-expectations (~> 2.14.0)
      rspec-mocks (~> 2.14.0)
    rspec-core (2.14.4)
    rspec-expectations (2.14.0)
      diff-lcs (>= 1.1.3, < 2.0)
    rspec-mocks (2.14.2)
    rubyzip (0.9.9)
    selenium-webdriver (2.33.0)
      childprocess (>= 0.2.5)
      multi_json (~> 1.0)
      rubyzip
      websocket (~> 1.0.4)
    sinatra (1.4.3)
      rack (~> 1.4)
      rack-protection (~> 1.4)
      tilt (~> 1.3, >= 1.3.4)
    sinatra-contrib (1.4.0)
      backports (>= 2.0)
      eventmachine
      rack-protection
      rack-test
      sinatra (~> 1.4.2)
      tilt (~> 1.3)
    tilt (1.4.1)
    websocket (1.0.7)

PLATFORMS
  ruby

DEPENDENCIES
  capybara (= 0.3.9)
  nokogiri (~> 1.6.0)
  rack
  rspec
  sinatra
  sinatra-contrib
